GEM
  remote: http://rubygems.org/
  specs:
    campaign_cash (2.0.8)
      json
    diff-lcs (1.1.3)
    json (1.6.5)
    rack (1.4.1)
    rack-protection (1.2.0)
      rack
    rspec (2.8.0)
      rspec-core (~> 2.8.0)
      rspec-expectations (~> 2.8.0)
      rspec-mocks (~> 2.8.0)
    rspec-core (2.8.0)
    rspec-expectations (2.8.0)
      diff-lcs (~> 1.1.2)
    rspec-mocks (2.8.0)
    sinatra (1.3.2)
      rack (~> 1.3, >= 1.3.6)
      rack-protection (~> 1.2)
      tilt (~> 1.3, >= 1.3.3)
    tilt (1.3.3)
    titlecase (0.1.1)

PLATFORMS
  ruby

DEPENDENCIES
  campaign_cash (>= 2.0.7)
  rspec (>= 2.8.0)
  sinatra (>= 1.3.1)
  titlecase (>= 0.1.1)
